GEM
  remote: https://rubygems.org/
  specs:
    colorize (0.7.3)
    http (0.6.3)
      http_parser.rb (~> 0.6.0)
    http_parser.rb (0.6.0)
    mini_portile (0.6.1)
    nokogiri (1.6.4.1)
      mini_portile (~> 0.6.0)
    terminal-notifier (1.6.2)

PLATFORMS
  ruby

DEPENDENCIES
  colorize
  http
  nokogiri
  terminal-notifier
